GEM
  remote: https://rubygems.org/
  specs:
    byebug (11.1.3)
    csv (3.1.7)
    json (2.3.1)
    mustermann (1.1.1)
      ruby2_keywords (~> 0.0.1)
    rack (2.2.3)
    rack-protection (2.1.0)
      rack
    ruby2_keywords (0.0.2)
    sinatra (2.1.0)
      mustermann (~> 1.0)
      rack (~> 2.2)
      rack-protection (= 2.1.0)
      tilt (~> 2.0)
    sinatra-cross_origin (0.4.0)
    tilt (2.0.10)

PLATFORMS
  ruby

DEPENDENCIES
  byebug
  csv
  json
  sinatra
  sinatra-cross_origin

BUNDLED WITH
   2.1.4
